GEM
  remote: http://rubygems.org/
  specs:
    actionmailer (2.3.10)
      actionpack (= 2.3.10)
    actionpack (2.3.10)
      activesupport (= 2.3.10)
      rack (~> 1.1.0)
    activerecord (2.3.10)
      activesupport (= 2.3.10)
    activeresource (2.3.10)
      activesupport (= 2.3.10)
    activesupport (2.3.10)
    authlogic (2.1.6)
      activesupport
    calendar_date_select (1.16.1)
    factory_girl (1.2.4)
    fastercsv (1.5.0)
    haml (3.0.22)
    nokogiri (1.4.2)
    rack (1.1.0)
    rack-test (0.5.6)
      rack (>= 1.0)
    rails (2.3.10)
      actionmailer (= 2.3.10)
      actionpack (= 2.3.10)
      activerecord (= 2.3.10)
      activeresource (= 2.3.10)
      activesupport (= 2.3.10)
      rake (>= 0.8.3)
    rake (0.8.7)
    shoulda (2.10.3)
    sqlite3-ruby (1.2.5)
    webrat (0.7.1)
      nokogiri (>= 1.2.0)
      rack (>= 1.0)
      rack-test (>= 0.5.3)

PLATFORMS
  ruby

DEPENDENCIES
  authlogic (= 2.1.6)
  calendar_date_select (= 1.16.1)
  factory_girl (= 1.2.4)
  fastercsv (= 1.5.0)
  haml (= 3.0.22)
  nokogiri (= 1.4.2)
  rails (= 2.3.10)
  shoulda (= 2.10.3)
  sqlite3-ruby (= 1.2.5)
  webrat (= 0.7.1)
